GEM
  remote: https://rubygems.org/
  specs:
    circular_queue (0.0.5)
    dotenv (0.9.0)
    em-websocket (0.5.0)
      eventmachine (>= 0.12.9)
      http_parser.rb (~> 0.5.3)
    eventmachine (1.0.3)
    foreman (0.63.0)
      dotenv (>= 0.7)
      thor (>= 0.13.6)
    http_parser.rb (0.5.3)
    mkfifo (0.0.1)
    rake (10.1.0)
    rake-compiler (0.9.2)
      rake
    thor (0.18.1)

PLATFORMS
  ruby

DEPENDENCIES
  circular_queue
  em-websocket
  eventmachine
  foreman
  mkfifo
  rake-compiler
